GEM
  remote: http://rubygems.org/
  remote: http://gems.github.com/
  specs:
    actionmailer (2.3.8)
      actionpack (= 2.3.8)
    actionpack (2.3.8)
      activesupport (= 2.3.8)
      rack (~> 1.1.0)
    activerecord (2.3.8)
      activesupport (= 2.3.8)
    activeresource (2.3.8)
      activesupport (= 2.3.8)
    activesupport (2.3.8)
    builder (2.1.2)
    cap_gun (0.2.2)
    capistrano (2.5.17)
      highline
      net-scp (>= 1.0.0)
      net-sftp (>= 2.0.0)
      net-ssh (>= 2.0.14)
      net-ssh-gateway (>= 1.0.0)
    chatterbox (0.8.5)
    chronic (0.2.3)
      hoe (>= 1.2.1)
    clearance (0.8.8)
    configuration (1.1.0)
    cucumber (0.8.3)
      builder (~> 2.1.2)
      diff-lcs (~> 1.1.2)
      gherkin (~> 2.0.2)
      json_pure (~> 1.4.3)
      term-ansicolor (~> 1.0.4)
    cucumber-rails (0.3.2)
      cucumber (>= 0.8.0)
    database_cleaner (0.5.2)
    diff-lcs (1.1.2)
    email_spec (0.6.3)
    ezcrypto (0.7.2)
    ffaker (0.3.5)
    flay (1.4.0)
      ruby_parser (~> 2.0)
      sexp_processor (~> 3.0)
    flog (2.2.0)
      ruby_parser (~> 2.0)
      sexp_processor (~> 3.0)
    gherkin (2.0.2)
      trollop (~> 1.16.2)
    highline (1.6.1)
    hoe (2.6.1)
      rake (>= 0.8.7)
      rubyforge (>= 2.0.4)
    hpricot (0.8.2)
    htmlentities (4.2.1)
    json_pure (1.4.6)
    launchy (0.3.7)
      configuration (>= 0.0.5)
      rake (>= 0.8.1)
    mechanize (1.0.0)
      nokogiri (>= 1.2.1)
    mislav-will_paginate (2.3.11)
    mocha (0.9.8)
      rake
    net-scp (1.0.3)
      net-ssh (>= 1.99.1)
    net-sftp (2.0.5)
      net-ssh (>= 2.0.9)
    net-ssh (2.0.23)
    net-ssh-gateway (1.0.1)
      net-ssh (>= 1.99.1)
    nokogiri (1.4.3.1)
    pg (0.9.0)
    polyglot (0.3.1)
    rack (1.1.0)
    rack-test (0.5.4)
      rack (>= 1.0)
    rails (2.3.8)
      actionmailer (= 2.3.8)
      actionpack (= 2.3.8)
      activerecord (= 2.3.8)
      activeresource (= 2.3.8)
      activesupport (= 2.3.8)
      rake (>= 0.8.3)
    rake (0.8.7)
    rcov (0.9.8)
    relevance-tarantula (0.3.3)
      hpricot
      htmlentities
    rspec (1.3.0)
    rspec-rails (1.3.2)
      rack (>= 1.0.0)
      rspec (>= 1.3.0)
    ruby-net-ldap (0.0.4)
    ruby2ruby (1.2.4)
      ruby_parser (~> 2.0)
      sexp_processor (~> 3.0)
    ruby_parser (2.0.4)
      sexp_processor (~> 3.0)
    rubyforge (2.0.4)
      json_pure (>= 1.1.7)
    sexp_processor (3.0.3)
    term-ansicolor (1.0.5)
    the_metric_system (2.3.6)
      flay (>= 1.4.0)
      flog (>= 2.2.0)
    thoughtbot-factory_girl (1.2.2)
    thoughtbot-paperclip (2.3.1)
    treetop (1.4.8)
      polyglot (>= 0.3.1)
    trollop (1.16.2)
    webrat (0.7.0)
      nokogiri (>= 1.2.0)
      rack (>= 1.0)
      rack-test (>= 0.5.3)

PLATFORMS
  ruby

DEPENDENCIES
  cap_gun (= 0.2.2)
  capistrano (= 2.5.17)
  chatterbox (~> 0.8.5)
  chronic (= 0.2.3)
  clearance (= 0.8.8)
  cucumber (= 0.8.3)
  cucumber-rails (= 0.3.2)
  database_cleaner (= 0.5.2)
  email_spec (= 0.6.3)
  ezcrypto (= 0.7.2)
  ffaker (= 0.3.5)
  flay (= 1.4.0)
  flog (= 2.2.0)
  hpricot (= 0.8.2)
  json_pure (= 1.4.6)
  launchy (= 0.3.7)
  mechanize (= 1.0.0)
  mislav-will_paginate (~> 2.3.11)
  mocha (= 0.9.8)
  pg (= 0.9.0)
  rack (= 1.1.0)
  rails (= 2.3.8)
  rcov (= 0.9.8)
  relevance-tarantula (= 0.3.3)
  rspec (= 1.3.0)
  rspec-rails (= 1.3.2)
  ruby-net-ldap (= 0.0.4)
  ruby2ruby (= 1.2.4)
  ruby_parser (= 2.0.4)
  sexp_processor (= 3.0.3)
  the_metric_system (= 2.3.6)
  thoughtbot-factory_girl (= 1.2.2)
  thoughtbot-paperclip (= 2.3.1)
  treetop (= 1.4.8)
  webrat (= 0.7.0)
